GEM
  remote: https://rubygems.org/
  specs:
    minitest (5.14.2)
    victor (0.3.2)

PLATFORMS
  ruby

DEPENDENCIES
  minitest (~> 5.14.2)
  victor (~> 0.3.2)

BUNDLED WITH
   2.1.4
