GEM
  remote: https://rubygems.org/
  specs:
    benchmark-ips (2.8.3)
    minitest (5.14.2)
    victor (0.3.2)

PLATFORMS
  java
  ruby

DEPENDENCIES
  benchmark-ips (~> 2.8.3)
  minitest (~> 5.14.2)
  victor (~> 0.3.2)

BUNDLED WITH
   2.1.4
